GENERATE-LOAD-SCRIPTS: ON
RESTRICTION: == net47
NUGET
  remote: https://www.nuget.org/api/v2
    BouncyCastle (1.8.2)
    FAKE (4.64.13)
    FsCheck (2.10.10)
      FSharp.Core (>= 4.0.0.1)
    FSharp.Compatibility.OCaml (0.1.14)
      FSharp.Core (>= 4.3.4)
    FSharp.Core (4.3.4)
    FSharp.Compiler.Tools (10.0.2)
    FSharpx.Collections (1.17)
      FSharp.Core
    NUnit (3.10.1)
    System.Collections.Immutable (1.5)
    System.Reflection.Metadata (1.6)
      System.Collections.Immutable (>= 1.5)
    Zen.FSharp.Compiler.Service (17.0.2)
      System.Collections.Immutable (>= 1.3.1)
      System.Reflection.Metadata (>= 1.4.2)
    ZFStar (0.0.26)
  remote: https://www.myget.org/F/zenprotocol/api/v2
    FsBech32 (0.1.4)
      FSharp.Compiler.Tools
      FSharp.Core
    zen_z3_linux (4.5.1.8-v1f29cebd4df)
    zen_z3_osx (4.5.1.8-v1f29cebd4df6)
    zen_z3_windows (4.5.1.7-v1f29cebd4df)
